GIT
  remote: git://github.com/thoughtbot/factory_girl_rails.git
  revision: 8a421148bf70577b1c944f8494bf37295c44b06e
  specs:
    factory_girl_rails (1.1.beta1)
      factory_girl (~> 2.0.0.beta)
      railties (>= 3.0.0)

GEM
  remote: http://rubygems.org/
  specs:
    abstract (1.0.0)
    actionmailer (3.0.6)
      actionpack (= 3.0.6)
      mail (~> 2.2.15)
    actionpack (3.0.6)
      activemodel (= 3.0.6)
      activesupport (= 3.0.6)
      builder (~> 2.1.2)
      erubis (~> 2.6.6)
      i18n (~> 0.5.0)
      rack (~> 1.2.1)
      rack-mount (~> 0.6.14)
      rack-test (~> 0.5.7)
      tzinfo (~> 0.3.23)
    active_hash (0.9.1)
      activesupport (>= 2.2.2)
    activemodel (3.0.6)
      activesupport (= 3.0.6)
      builder (~> 2.1.2)
      i18n (~> 0.5.0)
    activesupport (3.0.6)
    bouncy-castle-java (1.5.0145.2)
    bson (1.3.0)
    bson (1.3.0-java)
    builder (2.1.2)
    capistrano (2.5.21)
      highline
      net-scp (>= 1.0.0)
      net-sftp (>= 2.0.0)
      net-ssh (>= 2.0.14)
      net-ssh-gateway (>= 1.0.0)
    capistrano-ext (1.2.1)
      capistrano (>= 1.0.0)
    capybara (0.4.1.2)
      celerity (>= 0.7.9)
      culerity (>= 0.2.4)
      mime-types (>= 1.16)
      nokogiri (>= 1.3.3)
      rack (>= 1.0.0)
      rack-test (>= 0.5.4)
      selenium-webdriver (>= 0.0.27)
      xpath (~> 0.1.3)
    celerity (0.8.9)
    childprocess (0.1.8)
      ffi (~> 1.0.6)
    colored (1.2)
    compass (0.10.6)
      haml (>= 3.0.4)
    configuration (1.2.0)
    culerity (0.2.15)
    database_cleaner (0.6.6)
    diff-lcs (1.1.2)
    erubis (2.6.6)
      abstract (>= 1.0.0)
    factory_girl (2.0.0.beta2)
    faker (0.9.5)
      i18n (~> 0.4)
    ffi (1.0.7)
      rake (>= 0.8.7)
    ffi (1.0.7-java)
    ffi-ncurses (0.3.3)
      ffi (>= 0.6.3)
    glassfish (1.0.3-java)
      rack (>= 0.4.0)
    haml (3.0.25)
    has_scope (0.5.0)
    hierarchical_page_titles (0.1.1)
    highline (1.6.1)
    i18n (0.5.0)
    inherited_resources (1.2.1)
      has_scope (~> 0.5.0)
      responders (~> 0.6.0)
    inherited_resources_views (0.4.1)
      inherited_resources (>= 1.0)
    jruby-openssl (0.7.3)
      bouncy-castle-java
    json (1.5.1)
    json (1.5.1-java)
    json_pure (1.5.1)
    kaplan (0.2.4)
    launchy (0.3.7)
      configuration (>= 0.0.5)
      rake (>= 0.8.1)
    mail (2.2.15)
      activesupport (>= 2.3.6)
      i18n (>= 0.4.0)
      mime-types (~> 1.16)
      treetop (~> 1.4.8)
    mime-types (1.16)
    mongo (1.3.0)
      bson (>= 1.3.0)
    mongoid (2.0.1)
      activemodel (~> 3.0)
      mongo (~> 1.3)
      tzinfo (~> 0.3.22)
      will_paginate (~> 3.0.pre)
    net-scp (1.0.4)
      net-ssh (>= 1.99.1)
    net-sftp (2.0.5)
      net-ssh (>= 2.0.9)
    net-ssh (2.1.4)
    net-ssh-gateway (1.0.1)
      net-ssh (>= 1.99.1)
    nokogiri (1.4.4.2-java)
      weakling (>= 0.0.3)
    polyglot (0.3.1)
    rack (1.2.2)
    rack-mount (0.6.14)
      rack (>= 1.0.0)
    rack-test (0.5.7)
      rack (>= 1.0)
    railties (3.0.6)
      actionpack (= 3.0.6)
      activesupport (= 3.0.6)
      rake (>= 0.8.7)
      thor (~> 0.14.4)
    rake (0.8.7)
    responders (0.6.2)
    rr (1.0.2)
    rspec (2.2.0)
      rspec-core (~> 2.2)
      rspec-expectations (~> 2.2)
      rspec-mocks (~> 2.2)
    rspec-core (2.5.1)
    rspec-expectations (2.5.0)
      diff-lcs (~> 1.1.2)
    rspec-mocks (2.5.0)
    rspec-rails (2.2.1)
      actionpack (~> 3.0)
      activesupport (~> 3.0)
      railties (~> 3.0)
      rspec (~> 2.2.0)
    rubyzip (0.9.4)
    selenium-webdriver (0.1.4)
      childprocess (>= 0.1.7)
      ffi (>= 1.0.7)
      json_pure
      rubyzip
    shoulda-matchers (1.0.0.beta2)
    simple-navigation (3.1.0)
      activesupport (>= 2.3.2)
    simple_form (1.2.2)
    spork (0.9.0.rc4)
    stringex (1.2.1)
    thor (0.14.6)
    timecop (0.3.5)
    treetop (1.4.9)
      polyglot (>= 0.3.1)
    tzinfo (0.3.26)
    weakling (0.0.4-java)
    will_paginate (3.0.pre2)
    xpath (0.1.3)
      nokogiri (~> 1.3)

PLATFORMS
  java
  ruby

DEPENDENCIES
  actionmailer (= 3.0.6)
  actionpack (= 3.0.6)
  active_hash (= 0.9.1)
  activesupport (= 3.0.6)
  bundler (= 1.0.12)
  capistrano (~> 2.5.21)
  capistrano-ext (~> 1.2.1)
  capybara (~> 0.4.1.rc)
  colored (= 1.2)
  compass (= 0.10.6)
  database_cleaner (~> 0.6.0)
  factory_girl (~> 2.0.0.beta1)
  factory_girl_rails!
  faker (~> 0.9.5)
  ffi-ncurses (~> 0.3.3)
  glassfish
  haml (= 3.0.25)
  hierarchical_page_titles (= 0.1.1)
  inherited_resources_views (= 0.4.1)
  jruby-openssl (= 0.7.3)
  json (= 1.5.1)
  kaplan (= 0.2.4)
  launchy (~> 0.3.7)
  mongoid (= 2.0.1)
  nokogiri (= 1.4.4.2)
  railties (= 3.0.6)
  rr (~> 1.0.2)
  rspec (~> 2.2.0)
  rspec-rails (~> 2.2.0)
  shoulda-matchers
  simple-navigation (= 3.1.0)
  simple_form (= 1.2.2)
  spork (~> 0.9.0.rc4)
  stringex (= 1.2.1)
  timecop (~> 0.3.5)
