GIT
  remote: http://github.com/mcmire/sequel-rails
  revision: 0f8e0031b4551c99e6a36eda97d79390badd9aab
  branch: mcmire
  specs:
    mcmire-sequel-rails (0.3.5.rc1)
      sequel (~> 3.28)

GIT
  remote: https://github.com/saimonmoore/sequel_polymorphic
  revision: 697b10e4378af68b8be7900b43dcb5ada9726911
  specs:
    sequel_polymorphic (0.0.3)

GEM
  remote: http://rubygems.org/
  specs:
    actionpack (3.2.3)
      activemodel (= 3.2.3)
      activesupport (= 3.2.3)
      builder (~> 3.0.0)
      erubis (~> 2.7.0)
      journey (~> 1.0.1)
      rack (~> 1.4.0)
      rack-cache (~> 1.2)
      rack-test (~> 0.6.1)
      sprockets (~> 2.1.2)
    active_hash (0.9.10)
      activesupport (>= 2.2.2)
    activemodel (3.2.3)
      activesupport (= 3.2.3)
      builder (~> 3.0.0)
    activesupport (3.2.3)
      i18n (~> 0.6)
      multi_json (~> 1.0)
    addressable (2.3.2)
    bourbon (2.1.1)
      sass (>= 3.1)
    builder (3.0.0)
    celluloid (0.11.1)
      timers (>= 1.0.0)
    coffee-rails (3.2.2)
      coffee-script (>= 2.2.0)
      railties (~> 3.2.0)
    coffee-script (2.2.0)
      coffee-script-source
      execjs
    coffee-script-source (1.3.3)
    connection_pool (0.9.2)
    daemons (1.1.9)
    erubis (2.7.0)
    eventmachine (0.12.10)
    execjs (1.4.0)
      multi_json (~> 1.0)
    heroku (2.25.0)
      launchy (>= 0.3.2)
      netrc (~> 0.7.1)
      rest-client (~> 1.6.1)
      rubyzip
    hierarchical_page_titles (0.2.0)
    hike (1.2.1)
    i18n (0.6.0)
    journey (1.0.4)
    json (1.7.4)
    launchy (2.1.2)
      addressable (~> 2.3)
    libv8 (3.3.10.4)
    little-plugger (1.1.3)
    logging (1.7.2)
      little-plugger (>= 1.1.3)
    logging-rails (0.4.0)
      logging (~> 1.6)
    mime-types (1.19)
    multi_json (1.3.5)
    mustache (0.99.4)
    nest (1.1.1)
      redis
    netrc (0.7.5)
    nokogiri (1.5.2)
    oj (1.3.0)
    pg (0.14.0)
    rack (1.4.1)
    rack-cache (1.2)
      rack (>= 0.4)
    rack-ssl (1.3.2)
      rack
    rack-test (0.6.1)
      rack (>= 1.0)
    railties (3.2.3)
      actionpack (= 3.2.3)
      activesupport (= 3.2.3)
      rack-ssl (~> 1.3.2)
      rake (>= 0.8.7)
      rdoc (~> 3.4)
      thor (~> 0.14.6)
    rake (0.9.2.2)
    rdoc (3.12)
      json (~> 1.4)
    redis (3.0.1)
    redis-namespace (1.2.1)
      redis (~> 3.0.0)
    rest-client (1.6.7)
      mime-types (>= 1.16)
    rubyzip (0.9.9)
    sass (3.1.20)
    sass-rails (3.2.5)
      railties (~> 3.2.0)
      sass (>= 3.1.10)
      tilt (~> 1.3)
    sequel (3.34.1)
    sequel_pg (1.3.0)
      pg (>= 0.8.0)
      sequel (>= 3.29.0)
    sidekiq (2.1.1)
      celluloid (~> 0.11.1)
      connection_pool (~> 0.9.2)
      multi_json (~> 1)
      redis (~> 3)
      redis-namespace
    sprockets (2.1.3)
      hike (~> 1.2)
      rack (~> 1.0)
      tilt (~> 1.1, != 1.3.0)
    stache (0.9.1)
    stringex (1.4.0)
    therubyracer (0.9.10)
      libv8 (~> 3.3.10)
    thin (1.3.1)
      daemons (>= 1.0.9)
      eventmachine (>= 0.12.6)
      rack (>= 1.0.0)
    thor (0.14.6)
    tilt (1.3.3)
    timers (1.0.1)
    tzinfo (0.3.33)
    uglifier (1.2.7)
      execjs (>= 0.3.0)
      multi_json (~> 1.3)

PLATFORMS
  ruby

DEPENDENCIES
  actionpack (= 3.2.3)
  active_hash (= 0.9.10)
  activesupport (= 3.2.3)
  bourbon (~> 2.1.0)
  coffee-rails (~> 3.2.1)
  heroku (~> 2.25.0)
  hierarchical_page_titles (= 0.2.0)
  logging (= 1.7.2)
  logging-rails (= 0.4.0)
  mcmire-sequel-rails!
  multi_json (= 1.3.5)
  mustache (= 0.99.4)
  nest (= 1.1.1)
  nokogiri (= 1.5.2)
  oj (= 1.3.0)
  pg (= 0.14.0)
  redis (= 3.0.1)
  sass-rails (~> 3.2.3)
  sequel (= 3.34.1)
  sequel_pg (= 1.3.0)
  sequel_polymorphic!
  sidekiq (= 2.1.1)
  stache (= 0.9.1)
  stringex (= 1.4.0)
  therubyracer (~> 0.9.8)
  thin (~> 1.3.1)
  tzinfo (~> 0.3.29)
  uglifier (>= 1.0.3)
