GEM
  remote: http://rubygems.org/
  specs:
    actionpack (3.2.3)
      activemodel (= 3.2.3)
      activesupport (= 3.2.3)
      builder (~> 3.0.0)
      erubis (~> 2.7.0)
      journey (~> 1.0.1)
      rack (~> 1.4.0)
      rack-cache (~> 1.2)
      rack-test (~> 0.6.1)
      sprockets (~> 2.1.2)
    active_hash (0.9.10)
      activesupport (>= 2.2.2)
    activemodel (3.2.3)
      activesupport (= 3.2.3)
      builder (~> 3.0.0)
    activesupport (3.2.3)
      i18n (~> 0.6)
      multi_json (~> 1.0)
    addressable (2.2.8)
    awesome_print (1.0.2)
    bourbon (2.1.0)
      sass (>= 3.1)
    builder (3.0.0)
    coderay (1.0.6)
    coffee-rails (3.2.2)
      coffee-script (>= 2.2.0)
      railties (~> 3.2.0)
    coffee-script (2.2.0)
      coffee-script-source
      execjs
    coffee-script-source (1.3.3)
    colored (1.2)
    columnize (0.3.6)
    daemons (1.1.8)
    debugger (1.1.3)
      columnize (>= 0.3.1)
      debugger-linecache (~> 1.1.1)
      debugger-ruby_core_source (~> 1.1.2)
    debugger-linecache (1.1.1)
      debugger-ruby_core_source (>= 1.1.1)
    debugger-ruby_core_source (1.1.2)
    diffy (2.0.6)
    erubis (2.7.0)
    eventmachine (0.12.10)
    execjs (1.3.2)
      multi_json (~> 1.0)
    heroku (2.25.0)
      launchy (>= 0.3.2)
      netrc (~> 0.7.1)
      rest-client (~> 1.6.1)
      rubyzip
    hierarchical_page_titles (0.2.0)
    hike (1.2.1)
    i18n (0.6.0)
    journey (1.0.3)
    json (1.7.3)
    launchy (2.1.0)
      addressable (~> 2.2.6)
    libv8 (3.3.10.4)
    little-plugger (1.1.3)
    logging (1.7.2)
      little-plugger (>= 1.1.3)
    logging-rails (0.4.0)
      logging (~> 1.6)
    map (5.7.0)
    method_source (0.7.1)
    mime-types (1.18)
    multi_json (1.3.5)
    mustache (0.99.4)
    nest (1.1.1)
      redis
    netrc (0.7.1)
    nokogiri (1.5.2)
    ohm (1.0.2)
      nest (~> 1.0)
      redis (~> 2.2)
      scrivener (~> 0.0.3)
    ohm-contrib (1.0.1)
      ohm (~> 1.0)
    pry (0.9.9.6)
      coderay (~> 1.0.5)
      method_source (~> 0.7.1)
      slop (>= 2.4.4, < 3)
    rack (1.4.1)
    rack-cache (1.2)
      rack (>= 0.4)
    rack-ssl (1.3.2)
      rack
    rack-test (0.6.1)
      rack (>= 1.0)
    railties (3.2.3)
      actionpack (= 3.2.3)
      activesupport (= 3.2.3)
      rack-ssl (~> 1.3.2)
      rake (>= 0.8.7)
      rdoc (~> 3.4)
      thor (~> 0.14.6)
    rake (0.9.2.2)
    rdoc (3.12)
      json (~> 1.4)
    redis (2.2.2)
    rest-client (1.6.7)
      mime-types (>= 1.16)
    rubyzip (0.9.8)
    sass (3.1.18)
    sass-rails (3.2.5)
      railties (~> 3.2.0)
      sass (>= 3.1.10)
      tilt (~> 1.3)
    scrivener (0.0.3)
    simple-navigation (3.7.0)
      activesupport (>= 2.3.2)
    slop (2.4.4)
    sprockets (2.1.3)
      hike (~> 1.2)
      rack (~> 1.0)
      tilt (~> 1.1, != 1.3.0)
    stache (0.9.1)
    stringex (1.4.0)
    therubyracer (0.9.10)
      libv8 (~> 3.3.10)
    thin (1.3.1)
      daemons (>= 1.0.9)
      eventmachine (>= 0.12.6)
      rack (>= 1.0.0)
    thor (0.14.6)
    tilt (1.3.3)
    tzinfo (0.3.33)
    uglifier (1.2.4)
      execjs (>= 0.3.0)
      multi_json (>= 1.0.2)
    yajl-ruby (1.1.0)

PLATFORMS
  ruby

DEPENDENCIES
  actionpack (= 3.2.3)
  active_hash (= 0.9.10)
  activesupport (= 3.2.3)
  awesome_print
  bourbon (~> 2.1.0)
  bundler (~> 1.1.0)
  coffee-rails (~> 3.2.1)
  colored (= 1.2)
  debugger
  diffy
  heroku (~> 2.25.0)
  hierarchical_page_titles (= 0.2.0)
  logging (= 1.7.2)
  logging-rails (= 0.4.0)
  map (= 5.7.0)
  mustache (= 0.99.4)
  nokogiri (= 1.5.2)
  ohm (= 1.0.2)
  ohm-contrib (= 1.0.1)
  pry
  redis
  sass-rails (~> 3.2.3)
  simple-navigation (= 3.7.0)
  stache (= 0.9.1)
  stringex (= 1.4.0)
  therubyracer (~> 0.9.8)
  thin (~> 1.3.1)
  tzinfo
  uglifier (>= 1.0.3)
  yajl-ruby (= 1.1.0)
